RESTRICTION: >= net46
NUGET
  remote: https://www.nuget.org/api/v2
    FAKE (4.62.5)
    FSharp.Core (4.2.1)
    FSharp.Data (2.3.3)
    Newtonsoft.Json (10.0.3)
