RESTRICTION: >= net46
NUGET
  remote: https://www.nuget.org/api/v2
    DynamicInterop (0.7.4)
    FAKE (4.62.5)
    FSharp.Core (4.2.1)
    FSharp.Data (2.3.3)
    Newtonsoft.Json (10.0.3)
    R.NET.Community (1.6.5)
      DynamicInterop (0.7.4)
    R.NET.Community.FSharp (1.6.5)
      R.NET.Community (>= 1.6.5)
    RProvider (1.1.20)
      DynamicInterop (0.7.4)
      R.NET.Community (1.6.5)
      R.NET.Community.FSharp (1.6.5)
