REDIRECTS: ON
RESTRICTION: >= net46
NUGET
  remote: https://www.nuget.org/api/v2
    DynamicInterop (0.7.4)
    FAKE (4.62.5)
    FSharp.Core (4.2.1)
      System.Collections (>= 4.0.11) - restriction: && (>= net46) (>= netstandard1.6)
      System.Console (>= 4.0) - restriction: && (>= net46) (>= netstandard1.6)
      System.Diagnostics.Debug (>= 4.0.11) - restriction: && (>= net46) (>= netstandard1.6)
      System.Diagnostics.Tools (>= 4.0.1) - restriction: && (>= net46) (>= netstandard1.6)
      System.Globalization (>= 4.0.11) - restriction: && (>= net46) (>= netstandard1.6)
      System.IO (>= 4.1) - restriction: && (>= net46) (>= netstandard1.6)
      System.Linq (>= 4.1) - restriction: && (>= net46) (>= netstandard1.6)
      System.Linq.Expressions (>= 4.1) - restriction: && (>= net46) (>= netstandard1.6)
      System.Linq.Queryable (>= 4.0.1) - restriction: && (>= net46) (>= netstandard1.6)
      System.Net.Requests (>= 4.0.11) - restriction: && (>= net46) (>= netstandard1.6)
      System.Reflection (>= 4.1) - restriction: && (>= net46) (>= netstandard1.6)
      System.Reflection.Extensions (>= 4.0.1) - restriction: && (>= net46) (>= netstandard1.6)
      System.Resources.ResourceManager (>= 4.0.1) - restriction: && (>= net46) (>= netstandard1.6)
      System.Runtime (>= 4.1) - restriction: && (>= net46) (>= netstandard1.6)
      System.Runtime.Extensions (>= 4.1) - restriction: && (>= net46) (>= netstandard1.6)
      System.Runtime.Numerics (>= 4.0.1) - restriction: && (>= net46) (>= netstandard1.6)
      System.Text.RegularExpressions (>= 4.1) - restriction: && (>= net46) (>= netstandard1.6)
      System.Threading (>= 4.0.11) - restriction: && (>= net46) (>= netstandard1.6)
      System.Threading.Tasks (>= 4.0.11) - restriction: && (>= net46) (>= netstandard1.6)
      System.Threading.Tasks.Parallel (>= 4.0.1) - restriction: && (>= net46) (>= netstandard1.6)
      System.Threading.Thread (>= 4.0) - restriction: && (>= net46) (>= netstandard1.6)
      System.Threading.ThreadPool (>= 4.0.10) - restriction: && (>= net46) (>= netstandard1.6)
      System.Threading.Timer (>= 4.0.1) - restriction: && (>= net46) (>= netstandard1.6)
    FSharp.Data (2.3.3)
    Newtonsoft.Json (10.0.3)
    Npgsql (3.1)
    R.NET.Community (1.6.5)
      DynamicInterop (0.7.4)
    R.NET.Community.FSharp (1.6.5)
      R.NET.Community (>= 1.6.5)
    RProvider (1.1.20)
      DynamicInterop (0.7.4)
      R.NET.Community (1.6.5)
      R.NET.Community.FSharp (1.6.5)
    SQLProvider (1.1.17)
    System.Collections (4.3) - restriction: && (>= net46) (>= netstandard1.6)
    System.Console (4.3) - restriction: && (>= net46) (>= netstandard1.6)
    System.Diagnostics.Debug (4.3) - restriction: && (>= net46) (>= netstandard1.6)
    System.Diagnostics.Tools (4.3) - restriction: && (>= net46) (>= netstandard1.6)
    System.Globalization (4.3) - restriction: && (>= net46) (>= netstandard1.6)
    System.IO (4.3) - restriction: && (>= net46) (>= netstandard1.6)
    System.Linq (4.3) - restriction: && (>= net46) (>= netstandard1.6)
    System.Linq.Expressions (4.3) - restriction: && (>= net46) (>= netstandard1.6)
    System.Linq.Queryable (4.3) - restriction: && (>= net46) (>= netstandard1.6)
    System.Net.Requests (4.3) - restriction: && (>= net46) (>= netstandard1.6)
    System.Reflection (4.3) - restriction: && (>= net46) (>= netstandard1.6)
    System.Reflection.Extensions (4.3) - restriction: && (>= net46) (>= netstandard1.6)
    System.Resources.ResourceManager (4.3) - restriction: && (>= net46) (>= netstandard1.6)
    System.Runtime (4.3) - restriction: && (>= net46) (>= netstandard1.6)
    System.Runtime.Extensions (4.3) - restriction: && (>= net46) (>= netstandard1.6)
    System.Runtime.Numerics (4.3) - restriction: && (>= net46) (>= netstandard1.6)
    System.Text.RegularExpressions (4.3) - restriction: && (>= net46) (>= netstandard1.6)
    System.Threading (4.3) - restriction: && (>= net46) (>= netstandard1.6)
    System.Threading.Tasks (4.3) - restriction: && (>= net46) (>= netstandard1.6)
    System.Threading.Tasks.Parallel (4.3) - restriction: && (>= net46) (>= netstandard1.6)
    System.Threading.Thread (4.3) - restriction: && (>= net46) (>= netstandard1.6)
    System.Threading.ThreadPool (4.3) - restriction: && (>= net46) (>= netstandard1.6)
    System.Threading.Timer (4.3) - restriction: && (>= net46) (>= netstandard1.6)
